GEM
  remote: https://rubygems.org/
  specs:
    minitest (4.6.1)
    minitest-colorize (0.0.5)
      minitest (>= 2.0)
    rake (10.0.3)

PLATFORMS
  ruby

DEPENDENCIES
  minitest
  minitest-colorize
  rake
